PATH
  remote: .
  specs:
    etree (0.2.0)
      chronic
      escape

GEM
  remote: https://rubygems.org/
  specs:
    chronic (0.10.2)
    escape (0.0.4)
    rake (10.1.0)

PLATFORMS
  ruby

DEPENDENCIES
  bundler (~> 1.3)
  etree!
  rake
