GEM
  remote: http://rubygems.org/
  specs:
    chronic (0.2.3)
      hoe (>= 1.2.1)
    escape (0.0.4)
    hoe (2.6.2)
      rake (>= 0.8.7)
      rubyforge (>= 2.0.4)
    json_pure (1.4.6)
    rake (0.8.7)
    rubyforge (2.0.4)
      json_pure (>= 1.1.7)

PLATFORMS
  ruby

DEPENDENCIES
  chronic (= 0.2.3)
  escape (= 0.0.4)
